GEM
  remote: http://rubygems.org/
  specs:
    rb-fsevent (0.9.4)
    sass (3.4.13)

PLATFORMS
  ruby

DEPENDENCIES
  rb-fsevent
  sass
